PATH
  remote: .
  specs:
    charma (0.1.2)
      prawn (~> 2.2.2)

GEM
  remote: https://rubygems.org/
  specs:
    coderay (1.1.2)
    diff-lcs (1.3)
    method_source (0.9.2)
    pdf-core (0.7.0)
    prawn (2.2.2)
      pdf-core (~> 0.7.0)
      ttfunk (~> 1.5)
    pry (0.12.2)
      coderay (~> 1.1.0)
      method_source (~> 0.9.0)
    rake (13.0.1)
    rspec (3.8.0)
      rspec-core (~> 3.8.0)
      rspec-expectations (~> 3.8.0)
      rspec-mocks (~> 3.8.0)
    rspec-core (3.8.0)
      rspec-support (~> 3.8.0)
    rspec-expectations (3.8.2)
      diff-lcs (>= 1.2.0, < 2.0)
      rspec-support (~> 3.8.0)
    rspec-mocks (3.8.0)
      diff-lcs (>= 1.2.0, < 2.0)
      rspec-support (~> 3.8.0)
    rspec-support (3.8.0)
    ttfunk (1.5.1)

PLATFORMS
  ruby

DEPENDENCIES
  bundler (~> 2.0)
  charma!
  prawn (~> 2.2.2)
  pry
  rake (~> 13.0)
  rspec (~> 3.0)

BUNDLED WITH
   2.0.1
